GEM
  remote: https://rubygems.org/
  specs:
    activemodel (5.2.1)
      activesupport (= 5.2.1)
    activerecord (5.2.1)
      activemodel (= 5.2.1)
      activesupport (= 5.2.1)
      arel (>= 9.0)
    activesupport (5.2.1)
      concurrent-ruby (~> 1.0, >= 1.0.2)
      i18n (>= 0.7, < 2)
      minitest (~> 5.1)
      tzinfo (~> 1.1)
    airbrussh (1.3.0)
      sshkit (>= 1.6.1, != 1.7.0)
    arel (9.0.0)
    bcrypt (3.1.10)
    capistrano (3.11.0)
      airbrussh (>= 1.0.0)
      i18n
      rake (>= 10.0.0)
      sshkit (>= 1.9.0)
    capistrano-bundler (1.1.4)
      capistrano (~> 3.1)
      sshkit (~> 1.2)
    capistrano-rbenv (2.0.3)
      capistrano (~> 3.1)
      sshkit (~> 1.3)
    capistrano3-puma (3.1.1)
      capistrano (~> 3.7)
      capistrano-bundler
      puma (~> 3.4)
    charlock_holmes (0.7.3)
    concurrent-ruby (1.0.5)
    diff-lcs (1.2.5)
    github-markup (1.3.3)
    gitlab-grit (2.7.3)
      charlock_holmes (~> 0.6)
      diff-lcs (~> 1.1)
      mime-types (~> 1.15)
      posix-spawn (~> 0.3)
    gollum (4.0.0)
      gollum-lib (~> 4.0, >= 4.0.1)
      kramdown (~> 1.6.0)
      mustache (>= 0.99.5, < 1.0.0)
      sinatra (~> 1.4, >= 1.4.4)
      useragent (~> 0.10.0)
    gollum-grit_adapter (1.0.0)
      gitlab-grit (~> 2.7, >= 2.7.1)
    gollum-lib (4.0.3)
      github-markup (~> 1.3.3)
      gollum-grit_adapter (~> 1.0)
      nokogiri (~> 1.6.4)
      rouge (~> 1.7.4)
      sanitize (~> 2.1.0)
      stringex (~> 2.5.1)
    i18n (1.1.1)
      concurrent-ruby (~> 1.0)
    kramdown (1.6.0)
    mime-types (1.25.1)
    mini_portile (0.6.2)
    minitest (5.11.3)
    mustache (0.99.8)
    net-scp (1.2.1)
      net-ssh (>= 2.6.5)
    net-ssh (5.0.2)
    nokogiri (1.6.6.2)
      mini_portile (~> 0.6.0)
    posix-spawn (0.3.11)
    puma (3.12.0)
    rack (1.6.10)
    rack-protection (1.5.3)
      rack
    rake (12.3.1)
    rouge (1.7.7)
    sanitize (2.1.0)
      nokogiri (>= 1.4.4)
    sinatra (1.4.6)
      rack (~> 1.4)
      rack-protection (~> 1.4)
      tilt (>= 1.3, < 3)
    sinatra-activerecord (2.0.6)
      activerecord (>= 3.2)
      sinatra (~> 1.0)
    sqlite3 (1.3.13)
    sshkit (1.18.0)
      net-scp (>= 1.1.2)
      net-ssh (>= 2.8.0)
    stringex (2.5.2)
    thor (0.19.1)
    thread_safe (0.3.6)
    tilt (2.0.1)
    tzinfo (1.2.5)
      thread_safe (~> 0.1)
    useragent (0.10.0)

PLATFORMS
  ruby

DEPENDENCIES
  activerecord
  bcrypt
  capistrano
  capistrano-bundler
  capistrano-rbenv
  capistrano3-puma
  gollum
  puma
  rake
  sinatra-activerecord
  sqlite3
  thor

BUNDLED WITH
   1.17.1
